GEM
  remote: https://rubygems.org/
  specs:
    blankslate (3.1.3)
    cheep (0.0.6)
      blankslate (~> 3)

PLATFORMS
  ruby

DEPENDENCIES
  cheep
